PATH
  remote: .
  specs:
    system-getifaddrs (0.1.5)

GEM
  remote: http://rubygems.org/
  specs:
    rake (0.9.2)
    rake-compiler (0.7.9)
      rake
    rspec (1.3.2)

PLATFORMS
  ruby

DEPENDENCIES
  rake
  rake-compiler
  rspec (~> 1.3)
  system-getifaddrs!
